GEM
  remote: https://rubygems.org/
  specs:
    concurrent-ruby (1.1.9)
    gosu (1.4.1)
    gosu_texture_packer (0.1.8)
      gosu
      json
      rmagick
    i18n (1.9.1)
      concurrent-ruby (~> 1.0)
    json (2.6.1)
    rbs (2.0.0)
    rmagick (4.2.4)
    ruby-enum (0.9.0)
      i18n
    singleton (0.1.1)

PLATFORMS
  arm64-darwin-21

DEPENDENCIES
  gosu (~> 1.4)
  gosu_texture_packer
  rbs
  ruby-enum (~> 0.9.0)
  singleton

BUNDLED WITH
   2.3.3
