GEM
  specs:
    concurrent-ruby (1.1.9)
    gosu (1.4.1)
    i18n (1.9.1)
      concurrent-ruby (~> 1.0)
    rbs (2.0.0)
    ruby-enum (0.9.0)
      i18n

PLATFORMS
  arm64-darwin-21

DEPENDENCIES
  gosu (~> 1.4)
  rbs
  ruby-enum (~> 0.9.0)

BUNDLED WITH
   2.3.3
